PATH
  remote: .
  specs:
    palette (0.0.1)

GEM
  remote: http://rubygems.org/
  specs:
    mocha (0.9.9)
      rake
    rake (0.8.7)
    rspec (1.3.0)

PLATFORMS
  ruby

DEPENDENCIES
  mocha (= 0.9.9)
  palette!
  rspec (= 1.3.0)
